GEM
  remote: http://rubygems.org/
  specs:
    activesupport (4.2.6)
      i18n (~> 0.7)
      json (~> 1.7, >= 1.7.7)
      minitest (~> 5.1)
      thread_safe (~> 0.3, >= 0.3.4)
      tzinfo (~> 1.1)
    builder (3.2.2)
    cucumber (1.3.19)
      builder (>= 2.1.2)
      diff-lcs (>= 1.1.3)
      gherkin (~> 2.12)
      multi_json (>= 1.7.5, < 2.0)
      multi_test (>= 0.1.2)
    cuke_sniffer (0.0.8)
      roxml
    data_magic (0.22)
      faker (>= 1.1.2)
      yml_reader (>= 0.6)
    diff-lcs (1.2.5)
    factory_girl (4.5.0)
      activesupport (>= 3.0.0)
    faker (1.6.3)
      i18n (~> 0.5)
    gherkin (2.12.2-java)
      multi_json (~> 1.3)
    i18n (0.7.0)
    jruby-pageant (1.1.1-java)
    json (1.8.3-java)
    minitest (5.8.4)
    multi_json (1.12.0)
    multi_test (0.1.2)
    net-scp (1.2.1)
      net-ssh (>= 2.6.5)
    net-ssh (2.9.2)
    nokogiri (1.6.7.2-java)
    rake (11.1.2)
    roxml (3.3.1)
      activesupport (>= 2.3.0)
      nokogiri (>= 1.3.3)
    rspec (3.4.0)
      rspec-core (~> 3.4.0)
      rspec-expectations (~> 3.4.0)
      rspec-mocks (~> 3.4.0)
    rspec-core (3.4.4)
      rspec-support (~> 3.4.0)
    rspec-expectations (3.4.0)
      diff-lcs (>= 1.2.0, < 2.0)
      rspec-support (~> 3.4.0)
    rspec-mocks (3.4.1)
      diff-lcs (>= 1.2.0, < 2.0)
      rspec-support (~> 3.4.0)
    rspec-support (3.4.1)
    rspec_junit_formatter (0.2.3)
      builder (< 4)
      rspec-core (>= 2, < 4, != 2.12.0)
    ruby-debug-base (0.10.5.rc10-java)
    ruby-debug-ide (0.6.0)
      rake (>= 0.8.1)
    sequel (4.34.0)
    thread_safe (0.3.5-java)
    tzinfo (1.2.2)
      thread_safe (~> 0.1)
    writeexcel (1.0.5)
    yml_reader (0.7)

PLATFORMS
  java

DEPENDENCIES
  cucumber (= 1.3.19)
  cuke_sniffer
  data_magic
  factory_girl
  faker
  jruby-pageant
  net-scp
  net-ssh
  nokogiri
  rake
  rspec
  rspec_junit_formatter
  ruby-debug-base (= 0.10.5.rc10)
  ruby-debug-ide
  sequel
  writeexcel

BUNDLED WITH
   1.11.2
